GEM
  remote: http://rubygems.org/
  specs:
    activemodel (7.2.0)
      activesupport (= 7.2.0)
    activerecord (7.2.0)
      activemodel (= 7.2.0)
      activesupport (= 7.2.0)
      timeout (>= 0.4.0)
    activesupport (7.2.0)
      base64
      bigdecimal
      concurrent-ruby (~> 1.0, >= 1.3.1)
      connection_pool (>= 2.2.5)
      drb
      i18n (>= 1.6, < 2)
      logger (>= 1.4.2)
      minitest (>= 5.1)
      securerandom (>= 0.3)
      tzinfo (~> 2.0, >= 2.0.5)
    addressable (2.8.7)
      public_suffix (>= 2.0.2, < 7.0)
    base64 (0.2.0)
    bcrypt (3.1.20)
    bigdecimal (3.1.8)
    byebug (11.1.3)
    capybara (3.40.0)
      addressable
      matrix
      mini_mime (>= 0.1.3)
      nokogiri (~> 1.11)
      rack (>= 1.6.0)
      rack-test (>= 0.6.3)
      regexp_parser (>= 1.5, < 3.0)
      xpath (~> 3.2)
    coderay (1.1.3)
    concurrent-ruby (1.3.4)
    connection_pool (2.4.1)
    database_cleaner-active_record (2.2.0)
      activerecord (>= 5.a)
      database_cleaner-core (~> 2.0.0)
    database_cleaner-core (2.0.1)
    diff-lcs (1.5.1)
    dotenv (3.1.2)
    drb (2.2.1)
    i18n (1.14.5)
      concurrent-ruby (~> 1.0)
    logger (1.6.0)
    matrix (0.4.2)
    method_source (1.1.0)
    mini_mime (1.1.5)
    minitest (5.25.1)
    mustermann (3.0.2)
      ruby2_keywords (~> 0.0.1)
    nio4r (2.7.3)
    nokogiri (1.16.7-aarch64-linux)
      racc (~> 1.4)
    nokogiri (1.16.7-arm-linux)
      racc (~> 1.4)
    nokogiri (1.16.7-arm64-darwin)
      racc (~> 1.4)
    nokogiri (1.16.7-x86-linux)
      racc (~> 1.4)
    nokogiri (1.16.7-x86_64-darwin)
      racc (~> 1.4)
    nokogiri (1.16.7-x86_64-linux)
      racc (~> 1.4)
    pry (0.14.2)
      coderay (~> 1.1)
      method_source (~> 1.0)
    pry-byebug (3.10.1)
      byebug (~> 11.0)
      pry (>= 0.13, < 0.15)
    public_suffix (6.0.1)
    puma (6.4.2)
      nio4r (~> 2.0)
    racc (1.8.1)
    rack (3.1.7)
    rack-protection (4.0.0)
      base64 (>= 0.1.0)
      rack (>= 3.0.0, < 4)
    rack-session (2.0.0)
      rack (>= 3.0.0)
    rack-test (2.1.0)
      rack (>= 1.3)
    rake (13.2.1)
    regexp_parser (2.9.2)
    require_all (3.0.0)
    rspec (3.13.0)
      rspec-core (~> 3.13.0)
      rspec-expectations (~> 3.13.0)
      rspec-mocks (~> 3.13.0)
    rspec-core (3.13.0)
      rspec-support (~> 3.13.0)
    rspec-expectations (3.13.2)
      diff-lcs (>= 1.2.0, < 2.0)
      rspec-support (~> 3.13.0)
    rspec-mocks (3.13.1)
      diff-lcs (>= 1.2.0, < 2.0)
      rspec-support (~> 3.13.0)
    rspec-support (3.13.1)
    ruby2_keywords (0.0.5)
    securerandom (0.3.1)
    session_secret_generator (0.1.0)
    sinatra (4.0.0)
      mustermann (~> 3.0)
      rack (>= 3.0.0, < 4)
      rack-protection (= 4.0.0)
      rack-session (>= 2.0.0, < 3)
      tilt (~> 2.0)
    sinatra-activerecord (2.0.27)
      activerecord (>= 4.1)
      sinatra (>= 1.0)
    sinatra-flash (0.3.0)
      sinatra (>= 1.0.0)
    sqlite3 (2.0.4-aarch64-linux-gnu)
    sqlite3 (2.0.4-aarch64-linux-musl)
    sqlite3 (2.0.4-arm-linux-gnu)
    sqlite3 (2.0.4-arm-linux-musl)
    sqlite3 (2.0.4-arm64-darwin)
    sqlite3 (2.0.4-x86-linux-gnu)
    sqlite3 (2.0.4-x86-linux-musl)
    sqlite3 (2.0.4-x86_64-darwin)
    sqlite3 (2.0.4-x86_64-linux-gnu)
    sqlite3 (2.0.4-x86_64-linux-musl)
    tilt (2.4.0)
    timeout (0.4.1)
    tzinfo (2.0.6)
      concurrent-ruby (~> 1.0)
    xpath (3.2.0)
      nokogiri (~> 1.8)

PLATFORMS
  aarch64-linux
  aarch64-linux-gnu
  aarch64-linux-musl
  arm-linux
  arm-linux-gnu
  arm-linux-musl
  arm64-darwin
  x86-linux
  x86-linux-gnu
  x86-linux-musl
  x86_64-darwin
  x86_64-linux-gnu
  x86_64-linux-musl

DEPENDENCIES
  activerecord
  bcrypt
  capybara
  database_cleaner-active_record
  dotenv
  pry
  pry-byebug
  puma
  rack-test
  rake
  require_all
  rspec
  session_secret_generator
  sinatra
  sinatra-activerecord
  sinatra-flash
  sqlite3

BUNDLED WITH
   2.5.11
